PATH
  remote: .
  specs:
    comma (0.4.2)

GEM
  remote: http://rubygems.org/
  specs:
    appraisal (0.4.0)
      bundler
      rake
    diff-lcs (1.1.3)
    rake (0.8.7)
    rspec (2.7.0)
      rspec-core (~> 2.7.0)
      rspec-expectations (~> 2.7.0)
      rspec-mocks (~> 2.7.0)
    rspec-core (2.7.1)
    rspec-expectations (2.7.0)
      diff-lcs (~> 1.1.2)
    rspec-mocks (2.7.0)
    sqlite3 (1.3.5)

PLATFORMS
  ruby

DEPENDENCIES
  appraisal (>= 0.4.0)
  comma!
  rake (= 0.8.7)
  rspec (~> 2.7.0)
  sqlite3 (~> 1.3.4)
